STORAGE: NONE
RESTRICTION: == net6.0
NUGET
  remote: https://api.nuget.org/v3/index.json
    FSharp.Control.Websockets (0.2.3)
      FSharp.Core (>= 6.0)
      Microsoft.IO.RecyclableMemoryStream (>= 2.2.1)
    FSharp.Core (6.0.6)
    FSharp.Data (5.0.2)
      FSharp.Core (>= 5.0.1)
    Giraffe (6.0)
      FSharp.Core (>= 6.0.1)
      Giraffe.ViewEngine (>= 1.3)
      Microsoft.IO.RecyclableMemoryStream (>= 2.2)
      Newtonsoft.Json (>= 13.0.1)
      System.Text.Json (>= 6.0.2)
      Utf8Json (>= 1.3.7)
    Giraffe.Htmx (1.8)
      FSharp.Core (>= 6.0.2)
      Giraffe (>= 5.0)
      Giraffe.Htmx.Common (>= 1.8)
    Giraffe.Htmx.Common (1.8)
      FSharp.Core (>= 6.0.2)
    Giraffe.ViewEngine (1.4)
      FSharp.Core (>= 5.0)
    Giraffe.ViewEngine.Htmx (1.8)
      FSharp.Core (>= 6.0.2)
      Giraffe.Htmx.Common (>= 1.8)
      Giraffe.ViewEngine (>= 1.4)
    Microsoft.AspNetCore.Authentication.JwtBearer (6.0.9)
      Microsoft.IdentityModel.Protocols.OpenIdConnect (>= 6.10)
    Microsoft.CSharp (4.7)
    Microsoft.IdentityModel.Abstractions (6.23.1)
    Microsoft.IdentityModel.JsonWebTokens (6.23.1)
      Microsoft.IdentityModel.Tokens (>= 6.23.1)
      System.Text.Encoding (>= 4.3)
      System.Text.Json (>= 4.7.2)
    Microsoft.IdentityModel.Logging (6.23.1)
      Microsoft.IdentityModel.Abstractions (>= 6.23.1)
    Microsoft.IdentityModel.Protocols (6.23.1)
      Microsoft.IdentityModel.Logging (>= 6.23.1)
      Microsoft.IdentityModel.Tokens (>= 6.23.1)
    Microsoft.IdentityModel.Protocols.OpenIdConnect (6.23.1)
      Microsoft.IdentityModel.Protocols (>= 6.23.1)
      System.IdentityModel.Tokens.Jwt (>= 6.23.1)
    Microsoft.IdentityModel.Tokens (6.23.1)
      Microsoft.CSharp (>= 4.5)
      Microsoft.IdentityModel.Logging (>= 6.23.1)
      System.Security.Cryptography.Cng (>= 4.5)
    Microsoft.IO.RecyclableMemoryStream (2.2.1)
    Microsoft.NETCore.Platforms (6.0.5)
    Microsoft.NETCore.Targets (5.0)
    Newtonsoft.Json (13.0.1)
    Saturn (0.16.1)
      FSharp.Control.Websockets (>= 0.2.2)
      Giraffe (>= 6.0)
      Microsoft.AspNetCore.Authentication.JwtBearer (>= 6.0.3)
    System.Formats.Asn1 (6.0)
    System.IdentityModel.Tokens.Jwt (6.23.1)
      Microsoft.IdentityModel.JsonWebTokens (>= 6.23.1)
      Microsoft.IdentityModel.Tokens (>= 6.23.1)
    System.Reflection.Emit (4.7)
    System.Reflection.Emit.Lightweight (4.7)
    System.Runtime (4.3.1)
      Microsoft.NETCore.Platforms (>= 1.1.1)
      Microsoft.NETCore.Targets (>= 1.1.3)
    System.Runtime.CompilerServices.Unsafe (6.0)
    System.Security.Cryptography.Cng (5.0)
      System.Formats.Asn1 (>= 5.0)
    System.Text.Encoding (4.3)
      Microsoft.NETCore.Platforms (>= 1.1)
      Microsoft.NETCore.Targets (>= 1.1)
      System.Runtime (>= 4.3)
    System.Text.Encodings.Web (6.0)
      System.Runtime.CompilerServices.Unsafe (>= 6.0)
    System.Text.Json (6.0.6)
      System.Runtime.CompilerServices.Unsafe (>= 6.0)
      System.Text.Encodings.Web (>= 6.0)
    System.Threading.Tasks.Extensions (4.5.4)
    System.ValueTuple (4.5)
    Utf8Json (1.3.7)
      System.Reflection.Emit (>= 4.3)
      System.Reflection.Emit.Lightweight (>= 4.3)
      System.Threading.Tasks.Extensions (>= 4.4)
      System.ValueTuple (>= 4.4)
